GEM
  remote: https://rubygems.org/
  specs:
    autoprefixer-rails (2.2.0.20140804)
      execjs
    blankslate (2.1.2.4)
    classifier-reborn (2.0.4)
      fast-stemmer (~> 1.0)
    coffee-script (2.4.1)
      coffee-script-source
      execjs
    coffee-script-source (1.9.1.1)
    colorator (0.1)
    execjs (2.6.0)
    fast-stemmer (1.0.2)
    ffi (1.9.10)
    ffi (1.9.10-x64-mingw32)
    ffi (1.9.10-x86-mingw32)
    jekyll (2.5.3)
      classifier-reborn (~> 2.0)
      colorator (~> 0.1)
      jekyll-coffeescript (~> 1.0)
      jekyll-gist (~> 1.0)
      jekyll-paginate (~> 1.0)
      jekyll-sass-converter (~> 1.0)
      jekyll-watch (~> 1.1)
      kramdown (~> 1.3)
      liquid (~> 2.6.1)
      mercenary (~> 0.3.3)
      pygments.rb (~> 0.6.0)
      redcarpet (~> 3.1)
      safe_yaml (~> 1.0)
      toml (~> 0.1.0)
    jekyll-coffeescript (1.0.1)
      coffee-script (~> 2.2)
    jekyll-gist (1.3.5)
    jekyll-paginate (1.1.0)
    jekyll-sass-converter (1.3.0)
      sass (~> 3.2)
    jekyll-sitemap (0.9.0)
    jekyll-watch (1.3.0)
      listen (~> 3.0)
    json (1.8.3)
    kramdown (1.9.0)
    liquid (2.6.3)
    listen (3.0.4)
      rb-fsevent (>= 0.9.3)
      rb-inotify (>= 0.9)
    mercenary (0.3.5)
    octopress (3.0.11)
      jekyll (>= 2.0)
      mercenary (~> 0.3.2)
      octopress-deploy
      octopress-escape-code (~> 2.0)
      octopress-hooks (~> 2.0)
      redcarpet (~> 3.0)
      titlecase
    octopress-autoprefixer (1.0.1)
      autoprefixer-rails (~> 2.2)
      jekyll (>= 2.0)
      octopress-hooks (~> 2.0)
    octopress-code-highlighter (4.2.6)
      colorator (~> 0.1)
      octopress-hooks
    octopress-codeblock (1.0.5)
      octopress-code-highlighter (~> 4.2)
    octopress-codefence (1.6.1)
      octopress-code-highlighter (~> 4.2)
      octopress-hooks (~> 2.1)
    octopress-date-format (3.0.3)
      jekyll (>= 2.0)
    octopress-deploy (1.3.0)
      colorator
    octopress-escape-code (2.0.6)
      octopress-hooks (~> 2.0)
    octopress-filters (1.4.0)
      jekyll
      octopress-hooks (~> 2.0)
      rubypants-unicode
      titlecase
    octopress-hooks (2.6.1)
      jekyll (>= 2.0)
    octopress-image-tag (1.1.0)
      jekyll
    octopress-include-tag (1.1.3)
      jekyll (>= 2.0)
      octopress-tag-helpers (~> 1.0)
    octopress-ink (1.2.1)
      jekyll (>= 2.0)
      octopress (~> 3.0)
      octopress-autoprefixer
      octopress-date-format
      octopress-filters (~> 1.1)
      octopress-hooks (~> 2.2)
      octopress-include-tag (~> 1.0)
      uglifier (~> 2.5)
    octopress-solarized (1.1.2)
      octopress-ink (~> 1.0)
    octopress-tag-helpers (1.0.8)
      jekyll (>= 2.0)
    parslet (1.5.0)
      blankslate (~> 2.0)
    posix-spawn (0.3.11)
    pygments.rb (0.6.3)
      posix-spawn (~> 0.3.6)
      yajl-ruby (~> 1.2.0)
    rb-fsevent (0.9.6)
    rb-inotify (0.9.5)
      ffi (>= 0.5.0)
    redcarpet (3.3.3)
    rubypants-unicode (0.2.5)
    safe_yaml (1.0.4)
    sass (3.4.19)
    titlecase (0.1.1)
    toml (0.1.2)
      parslet (~> 1.5.0)
    uglifier (2.7.2)
      execjs (>= 0.3.0)
      json (>= 1.8.0)
    yajl-ruby (1.2.1)

PLATFORMS
  ruby
  x64-mingw32
  x86-mingw32

DEPENDENCIES
  jekyll (= 2.5.3)
  jekyll-sitemap
  octopress (~> 3.0)
  octopress-codeblock
  octopress-codefence
  octopress-image-tag
  octopress-solarized

BUNDLED WITH
   1.10.6
